ObjectType = Image
NDims = 3
BinaryData = True
BinaryDataByteOrderMSB = False
CompressedData = False
TransformMatrix = 1 0 0 0 1 0 0 0 1
Offset = -207.619140625 -391.619140625 -341
CenterOfRotation = 0 0 0
AnatomicalOrientation = RAI
ElementSpacing = 0.76171875 0.76171875 1.7999999523162842
DimSize = 512 512 181
ElementType = MET_SHORT
ElementDataFile = 1.3.6.1.4.1.14519.5.2.1.6279.6001.150684298696437181894923266019.raw
